GEM
  remote: https://rubygems.org/
  specs:
    clap (1.0.0)
    cutest (1.2.3)
      clap
    kramdown (2.1.0)
    kramdown-parser-gfm (1.1.0)
      kramdown (~> 2.0)
    mdl (0.8.0)
      kramdown (~> 2.0)
      kramdown-parser-gfm (~> 1.0)
      mixlib-cli (~> 2.1, >= 2.1.1)
      mixlib-config (>= 2.2.1, < 4)
    mixlib-cli (2.1.5)
    mixlib-config (3.0.6)
      tomlrb
    rake (13.0.1)
    tomlrb (1.2.9)

PLATFORMS
  ruby

DEPENDENCIES
  cutest (~> 1.2.3)
  mdl (~> 0.8.0)
  rake (~> 13.0.0)

BUNDLED WITH
   2.1.2
